GEM
  remote: http://rubygems.org/
  specs:
    addressable (2.8.1)
      public_suffix (>= 2.0.2, < 6.0)
    bitly (0.7.0)
      crack (>= 0.1.4)
      httparty (>= 0.7.6)
      oauth2 (~> 0.5.0)
    buftok (0.2.0)
    crack (0.3.1)
    daemons (1.1.8)
    domain_name (0.5.20190701)
      unf (>= 0.0.5, < 1.0.0)
    equalizer (0.0.11)
    eventmachine (0.12.10)
    faraday (0.17.6)
      multipart-post (>= 1.2, < 3)
    ffi (1.15.5)
    ffi-compiler (1.0.1)
      ffi (>= 1.0.0)
      rake
    http (4.4.1)
      addressable (~> 2.3)
      http-cookie (~> 1.0)
      http-form_data (~> 2.2)
      http-parser (~> 1.2.0)
    http-cookie (1.0.5)
      domain_name (~> 0.5)
    http-form_data (2.3.0)
    http-parser (1.2.3)
      ffi-compiler (>= 1.0, < 2.0)
    http_parser.rb (0.6.0)
    httparty (0.21.0)
      mini_mime (>= 1.0.0)
      multi_xml (>= 0.5.2)
    json (1.7.3)
    memoizable (0.4.2)
      thread_safe (~> 0.3, >= 0.3.1)
    mini_mime (1.1.2)
    multi_json (1.15.0)
    multi_xml (0.6.0)
    multipart-post (2.2.3)
    naught (1.1.0)
    oauth2 (0.5.2)
      faraday (~> 0.7)
      multi_json (~> 1.0)
    public_suffix (5.0.1)
    rack (1.4.1)
    rack-protection (1.2.0)
      rack
    rake (13.0.6)
    simple_oauth (0.3.1)
    sinatra (1.3.2)
      rack (~> 1.3, >= 1.3.6)
      rack-protection (~> 1.2)
      tilt (~> 1.3, >= 1.3.3)
    thin (1.3.1)
      daemons (>= 1.0.9)
      eventmachine (>= 0.12.6)
      rack (>= 1.0.0)
    thread_safe (0.3.6)
    tilt (1.3.3)
    twitter (7.0.0)
      addressable (~> 2.3)
      buftok (~> 0.2.0)
      equalizer (~> 0.0.11)
      http (~> 4.0)
      http-form_data (~> 2.0)
      http_parser.rb (~> 0.6.0)
      memoizable (~> 0.4.0)
      multipart-post (~> 2.0)
      naught (~> 1.0)
      simple_oauth (~> 0.3.0)
    unf (0.1.4)
      unf_ext
    unf_ext (0.0.8.2)

PLATFORMS
  ruby

DEPENDENCIES
  bitly
  json
  sinatra
  thin
  twitter
